PATH
  remote: .
  specs:
    openseek-api-gem (0.2.0)

GEM
  remote: http://rubygems.org/
  specs:
    coveralls (0.7.10)
      multi_json (~> 1.10)
      rest-client (>= 1.6.8, < 2)
      simplecov (~> 0.9.1)
      term-ansicolor (~> 1.3)
      thor (~> 0.19.1)
    docile (1.1.5)
    mime-types (2.4.3)
    multi_json (1.10.1)
    netrc (0.10.2)
    open4 (1.3.0)
    rake (10.4.2)
    rest-client (1.7.3)
      mime-types (>= 1.16, < 3.0)
      netrc (~> 0.7)
    simplecov (0.9.2)
      docile (~> 1.1.0)
      multi_json (~> 1.0)
      simplecov-html (~> 0.9.0)
    simplecov-html (0.9.0)
    term-ansicolor (1.3.0)
      tins (~> 1.0)
    thor (0.19.1)
    tins (1.3.4)

PLATFORMS
  ruby

DEPENDENCIES
  coveralls
  open4 (= 1.3.0)
  openseek-api-gem!
  rake (= 10.4.2)

BUNDLED WITH
   1.10.6
