PATH
  remote: .
  specs:
    openbis-api-gem (0.0.1)

GEM
  remote: http://rubygems.org/
  specs:
    open4 (1.3.0)
    rake (10.4.2)

PLATFORMS
  ruby

DEPENDENCIES
  open4 (= 1.3.0)
  openbis-api-gem!
  rake (= 10.4.2)
